PATH
  remote: .
  specs:
    active-record-vercomp (0.1.0)

GEM
  remote: https://rubygems.org/
  specs:
    rake (10.5.0)

PLATFORMS
  ruby

DEPENDENCIES
  active-record-vercomp!
  bundler (~> 1.16)
  rake (~> 10.0)

BUNDLED WITH
   1.16.3
